PATH
  remote: .
  specs:
    copycopter_client (2.0.0)
      i18n (>= 0.5.0)
      json

GEM
  remote: http://rubygems.org/
  specs:
    actionmailer (3.1.0)
      actionpack (= 3.1.0)
      mail (~> 2.3.0)
    actionpack (3.1.0)
      activemodel (= 3.1.0)
      activesupport (= 3.1.0)
      builder (~> 3.0.0)
      erubis (~> 2.7.0)
      i18n (~> 0.6)
      rack (~> 1.3.2)
      rack-cache (~> 1.0.3)
      rack-mount (~> 0.8.2)
      rack-test (~> 0.6.1)
      sprockets (~> 2.0.0)
    activemodel (3.1.0)
      activesupport (= 3.1.0)
      bcrypt-ruby (~> 3.0.0)
      builder (~> 3.0.0)
      i18n (~> 0.6)
    activerecord (3.1.0)
      activemodel (= 3.1.0)
      activesupport (= 3.1.0)
      arel (~> 2.2.1)
      tzinfo (~> 0.3.29)
    activeresource (3.1.0)
      activemodel (= 3.1.0)
      activesupport (= 3.1.0)
    activesupport (3.1.0)
      multi_json (~> 1.0)
    addressable (2.2.6)
    appraisal (0.4.0)
      bundler
      rake
    arel (2.2.1)
    aruba (0.3.7)
      childprocess (>= 0.1.9)
      cucumber (>= 0.10.5)
      rspec (>= 2.6.0)
    bcrypt-ruby (3.0.0)
    bourne (1.0)
      mocha (= 0.9.8)
    builder (3.0.0)
    childprocess (0.2.2)
      ffi (~> 1.0.6)
    crack (0.1.8)
    cucumber (0.10.7)
      builder (>= 2.1.2)
      diff-lcs (>= 1.1.2)
      gherkin (~> 2.4.0)
      json (>= 1.4.6)
      term-ansicolor (>= 1.0.5)
    daemons (1.1.4)
    diff-lcs (1.1.3)
    erubis (2.7.0)
    eventmachine (0.12.10)
    ffi (1.0.9)
    gherkin (2.4.18)
      json (>= 1.4.6)
    hike (1.2.1)
    i18n (0.6.0)
    json (1.5.4)
    mail (2.3.0)
      i18n (>= 0.4.0)
      mime-types (~> 1.16)
      treetop (~> 1.4.8)
    mime-types (1.16)
    mocha (0.9.8)
      rake
    multi_json (1.0.3)
    polyglot (0.3.2)
    rack (1.3.10)
    rack-cache (1.0.3)
      rack (>= 0.4)
    rack-mount (0.8.3)
      rack (>= 1.0.0)
    rack-ssl (1.3.2)
      rack
    rack-test (0.6.1)
      rack (>= 1.0)
    rails (3.1.0)
      actionmailer (= 3.1.0)
      actionpack (= 3.1.0)
      activerecord (= 3.1.0)
      activeresource (= 3.1.0)
      activesupport (= 3.1.0)
      bundler (~> 1.0)
      railties (= 3.1.0)
    railties (3.1.0)
      actionpack (= 3.1.0)
      activesupport (= 3.1.0)
      rack-ssl (~> 1.3.2)
      rake (>= 0.8.7)
      rdoc (~> 3.4)
      thor (~> 0.14.6)
    rake (0.9.2)
    rdoc (3.9.4)
    rspec (2.6.0)
      rspec-core (~> 2.6.0)
      rspec-expectations (~> 2.6.0)
      rspec-mocks (~> 2.6.0)
    rspec-core (2.6.4)
    rspec-expectations (2.6.0)
      diff-lcs (~> 1.1.2)
    rspec-mocks (2.6.0)
    sham_rack (1.3.3)
      rack
    sinatra (1.2.6)
      rack (~> 1.1)
      tilt (>= 1.2.2, < 2.0)
    sprockets (2.0.0)
      hike (~> 1.2)
      rack (~> 1.0)
      tilt (~> 1.1, != 1.3.0)
    sqlite3 (1.3.4)
    sqlite3-ruby (1.3.3)
      sqlite3 (>= 1.3.3)
    term-ansicolor (1.0.6)
    thin (1.2.11)
      daemons (>= 1.0.9)
      eventmachine (>= 0.12.6)
      rack (>= 1.0.0)
    thor (0.14.6)
    tilt (1.3.3)
    treetop (1.4.10)
      polyglot
      polyglot (>= 0.3.1)
    tzinfo (0.3.29)
    webmock (1.7.6)
      addressable (~> 2.2, > 2.2.5)
      crack (>= 0.1.7)
    yard (0.7.2)

PLATFORMS
  ruby

DEPENDENCIES
  appraisal (~> 0.4)
  aruba (~> 0.3.2)
  bourne
  copycopter_client!
  cucumber (~> 0.10.0)
  i18n
  rails (~> 3.1.0)
  rake (= 0.9.2)
  rspec (~> 2.3)
  sham_rack
  sinatra
  sqlite3-ruby
  thin
  webmock
  yard
